BrainVision Data Exchange Header File Version 2.0
; Data created from history path: Average_Stand_No_Reward/Raw Data

[Common Infos]
Codepage=UTF-8
DataFile=Average_Stand_No_Reward_Raw Data.dat
DataFormat=ASCII
; Data orientation: VECTORIZED=ch1,pt1, ch1,pt2..., MULTIPLEXED=ch1,pt1, ch2,pt1 ...
DataOrientation=VECTORIZED
DataType=TIMEDOMAIN
NumberOfChannels=3
DataPoints=250
; Sampling interval in microseconds if time domain (convert to Hertz:
; 1000000 / SamplingInterval) or in Hertz if frequency domain:
SamplingInterval=4000
SegmentationType=MARKERBASED
SegmentDataPoints=250
Averaged=YES
AveragedSegments=56

[User Infos]
; Each entry: Prop<Number>=<Type>,<Name>,<Value>,<Value2>,...,<ValueN>
; Property number must be unique. Types can be int, single, string, bool, byte, double, uint
; or arrays of those, indicated int-array etc
; Array types have more than one value, number of values determines size of array.
; Fields are delimited by commas, commas in strings are written \1

[ASCII Infos]
; Decimal symbol for floating point numbers: the header file always uses a dot (.),
; however the data file might use a different one
DecimalSymbol=.
; SkipLines, SkipColumns: leading lines and columns with additional information.
SkipLines=0
SkipColumns=1

[Channel Infos]
; Each entry: Ch<Channel number>=<Name>,<Reference channel name>,
; <Resolution in "Unit">,<Unit>, Future extensions...
; Fields are delimited by commas, some fields might be omitted (empty).
; Commas in channel names are coded as "\1".
Ch1=Fz,,,µV
Ch2=Cz,,,µV
Ch3=Pz,,,µV

[Channel User Infos]
; Each entry: Prop<Number>=Ch<ChannelNumber>,<Type>,<Name>,<Value>,<Value2>,...,<ValueN>
; Property number must be unique. Types can be int, single, string, bool, byte, double, uint
; or arrays of those, indicated int-array etc
; Array types have more than one value, number of values determines size of array.
; Fields are delimited by commas, commas in strings are written \1
; Properties are assigned to channels using their channel number.
Prop1=Ch1,int,BrainVision.ChannelAveragedNodes,56
Prop2=Ch1,int,BrainVision.ChannelAveragedSegments,56
Prop3=Ch2,int,BrainVision.ChannelAveragedNodes,56
Prop4=Ch2,int,BrainVision.ChannelAveragedSegments,56
Prop5=Ch3,int,BrainVision.ChannelAveragedNodes,56
Prop6=Ch3,int,BrainVision.ChannelAveragedSegments,56

[Coordinates]
; Each entry: Ch<Channel number>=<Radius>,<Theta>,<Phi>
Ch1=1,45,90
Ch2=1,0,0
Ch3=1,45,-90
