BrainVision Data Exchange Header File Version 1.0
; Data created by the BrainVision Recorder

[Common Infos]
Codepage=UTF-8
DataFile=ss_03.eeg
MarkerFile=ss_03.vmrk
DataFormat=BINARY
; Data orientation: MULTIPLEXED=ch1,pt1, ch2,pt1 ...
DataOrientation=MULTIPLEXED
NumberOfChannels=19
; Sampling interval in microseconds
SamplingInterval=4000

[Binary Infos]
BinaryFormat=INT_16

[Channel Infos]
; Each entry: Ch<Channel number>=<Name>,<Reference channel name>,
; <Resolution in "Unit">,<Unit>, Future extensions..
; Fields are delimited by commas, some fields might be omitted (empty).
; Commas in channel names are coded as "\1".
Ch1=Fp1,,0.1,µV
Ch2=Fp2,,0.1,µV
Ch3=NA,,0.1,µV
Ch4=F3,,0.1,µV
Ch5=Fz,,0.1,µV
Ch6=F4,,0.1,µV
Ch7=FC3,,0.1,µV
Ch8=FCz,,0.1,µV
Ch9=FC4,,0.1,µV
Ch10=C3,,0.1,µV
Ch11=Cz,,0.1,µV
Ch12=C4,,0.1,µV
Ch13=CP3,,0.1,µV
Ch14=CPz,,0.1,µV
Ch15=CP4,,0.1,µV
Ch16=RightEar,,0.1,µV
Ch17=P3,,0.1,µV
Ch18=Pz,,0.1,µV
Ch19=P4,,0.1,µV

[Comment]

BrainVision Recorder Professional   -   V. 1.24.0001


A m p l i f i e r  S e t u p
============================
Number of channels: 19
Sampling Rate [Hz]: 250
Sampling Interval [µS]: 4000

Channels
--------
#     Name      Phys. Chn.    Resolution / Unit   Low Cutoff [s]   High Cutoff [Hz]   Notch [Hz]    Series Res. [kOhm] Gradient         Offset
1     Fp1         1                0.1 µV             10             1000              Off                0                 
2     Fp2         2                0.1 µV             10             1000              Off                0                 
3     NA          3                0.1 µV             10             1000              Off                0                 
4     F3          4                0.1 µV             10             1000              Off                0                 
5     Fz          5                0.1 µV             10             1000              Off                0                 
6     F4          6                0.1 µV             10             1000              Off                0                 
7     FC3         7                0.1 µV             10             1000              Off                0                 
8     FCz         8                0.1 µV             10             1000              Off                0                 
9     FC4         9                0.1 µV             10             1000              Off                0                 
10    C3          10               0.1 µV             10             1000              Off                0                 
11    Cz          11               0.1 µV             10             1000              Off                0                 
12    C4          12               0.1 µV             10             1000              Off                0                 
13    CP3         13               0.1 µV             10             1000              Off                0                 
14    CPz         14               0.1 µV             10             1000              Off                0                 
15    CP4         15               0.1 µV             10             1000              Off                0                 
16    RightEar    16               0.1 µV             10             1000              Off                0                 
17    P3          17               0.1 µV             10             1000              Off                0                 
18    Pz          18               0.1 µV             10             1000              Off                0                 
19    P4          19               0.1 µV             10             1000              Off                0                 

S o f t w a r e  F i l t e r s
==============================
Disabled


Impedances Imported from actiCAP Control Software:
Impedance [kOhm] at 08:29:57 :
Gnd:          2
Ref:          5
