BrainVision Data Exchange Header File Version 1.0
; Data created by the BrainVision Recorder

[Common Infos]
Codepage=UTF-8
DataFile=ss_62.eeg
MarkerFile=ss_62.vmrk
DataFormat=BINARY
; Data orientation: MULTIPLEXED=ch1,pt1, ch2,pt1 ...
DataOrientation=MULTIPLEXED
NumberOfChannels=18
; Sampling interval in microseconds
SamplingInterval=4000

[Binary Infos]
BinaryFormat=INT_16

[Channel Infos]
; Each entry: Ch<Channel number>=<Name>,<Reference channel name>,
; <Resolution in "Unit">,<Unit>, Future extensions..
; Fields are delimited by commas, some fields might be omitted (empty).
; Commas in channel names are coded as "\1".
Ch1=Fp1,,0.1,µV
Ch2=Fz,,0.1,µV
Ch3=F3,,0.1,µV
Ch4=FCz,,0.1,µV
Ch5=FC3,,0.1,µV
Ch6=Cz,,0.1,µV
Ch7=C3,,0.1,µV
Ch8=CPz,,0.1,µV
Ch9=LeftEar,,0.1,µV
Ch10=CP3,,0.1,µV
Ch11=Pz,,0.1,µV
Ch12=P3,,0.1,µV
Ch13=Fp2,,0.1,µV
Ch14=F4,,0.1,µV
Ch15=FC4,,0.1,µV
Ch16=C4,,0.1,µV
Ch17=CP4,,0.1,µV
Ch18=P4,,0.1,µV

[Comment]

BrainVision Recorder Professional   -   V. 1.24.0001


A m p l i f i e r  S e t u p
============================
Number of channels: 18
Sampling Rate [Hz]: 250
Sampling Interval [µS]: 4000

Channels
--------
#     Name      Phys. Chn.    Resolution / Unit   Low Cutoff [s]   High Cutoff [Hz]   Notch [Hz]    Series Res. [kOhm] Gradient         Offset
1     Fp1         1                0.1 µV             10             1000              Off                0                 
2     Fz          2                0.1 µV             10             1000              Off                0                 
3     F3          3                0.1 µV             10             1000              Off                0                 
4     FCz         4                0.1 µV             10             1000              Off                0                 
5     FC3         5                0.1 µV             10             1000              Off                0                 
6     Cz          6                0.1 µV             10             1000              Off                0                 
7     C3          7                0.1 µV             10             1000              Off                0                 
8     CPz         8                0.1 µV             10             1000              Off                0                 
9     LeftEar     9                0.1 µV             10             1000              Off                0                 
10    CP3         10               0.1 µV             10             1000              Off                0                 
11    Pz          11               0.1 µV             10             1000              Off                0                 
12    P3          12               0.1 µV             10             1000              Off                0                 
13    Fp2         13               0.1 µV             10             1000              Off                0                 
14    F4          14               0.1 µV             10             1000              Off                0                 
15    FC4         15               0.1 µV             10             1000              Off                0                 
16    C4          16               0.1 µV             10             1000              Off                0                 
17    CP4         17               0.1 µV             10             1000              Off                0                 
18    P4          18               0.1 µV             10             1000              Off                0                 

S o f t w a r e  F i l t e r s
==============================
Disabled


Impedances Imported from actiCAP Control Software:
Impedance [kOhm] at 16:07:24 :
Fp1:         24
Fz:          20
F3:          15
FCz:          5
FC3:          8
Cz:           7
C3:          17
CPz:          1
LeftEar:     18
CP3:         25
Pz:           2
P3:          14
Fp2:         21
F4:           9
FC4:         18
C4:           5
CP4:         10
P4:           3
Gnd:          4
Ref:          4
